GIT
  remote: https://github.com/oauth-xx/oauth2.git
  revision: 391c240a805ce3a294d1c567d2e75e6d42f79463
  ref: v2.0.1
  specs:
    oauth2 (2.0.1)
      faraday (>= 0.17.3, < 3.0)
      jwt (>= 1.0, < 3.0)
      multi_xml (~> 0.5)
      rack (>= 1.2, < 3)
      rash_alt (>= 0.4, < 1)
      version_gem (~> 1.0)

GIT
  remote: https://github.com/seuros/capistrano-puma.git
  revision: 2cc11846540489edda10d83e026c9bea04e6fab1
  specs:
    capistrano3-puma (6.0.0.beta.1)
      capistrano (~> 3.7)
      capistrano-bundler
      puma (>= 5.1, < 7.0)

GEM
  remote: https://rubygems.org/
  specs:
    abbrev (0.1.2)
    actioncable (8.0.2)
      actionpack (= 8.0.2)
      activesupport (= 8.0.2)
      nio4r (~> 2.0)
      websocket-driver (>= 0.6.1)
      zeitwerk (~> 2.6)
    actionmailbox (8.0.2)
      actionpack (= 8.0.2)
      activejob (= 8.0.2)
      activerecord (= 8.0.2)
      activestorage (= 8.0.2)
      activesupport (= 8.0.2)
      mail (>= 2.8.0)
    actionmailer (8.0.2)
      actionpack (= 8.0.2)
      actionview (= 8.0.2)
      activejob (= 8.0.2)
      activesupport (= 8.0.2)
      mail (>= 2.8.0)
      rails-dom-testing (~> 2.2)
    actionpack (8.0.2)
      actionview (= 8.0.2)
      activesupport (= 8.0.2)
      nokogiri (>= 1.8.5)
      rack (>= 2.2.4)
      rack-session (>= 1.0.1)
      rack-test (>= 0.6.3)
      rails-dom-testing (~> 2.2)
      rails-html-sanitizer (~> 1.6)
      useragent (~> 0.16)
    actiontext (8.0.2)
      actionpack (= 8.0.2)
      activerecord (= 8.0.2)
      activestorage (= 8.0.2)
      activesupport (= 8.0.2)
      globalid (>= 0.6.0)
      nokogiri (>= 1.8.5)
    actionview (8.0.2)
      activesupport (= 8.0.2)
      builder (~> 3.1)
      erubi (~> 1.11)
      rails-dom-testing (~> 2.2)
      rails-html-sanitizer (~> 1.6)
    activejob (8.0.2)
      activesupport (= 8.0.2)
      globalid (>= 0.3.6)
    activemodel (8.0.2)
      activesupport (= 8.0.2)
    activemodel-serializers-xml (1.0.2)
      activemodel (> 5.x)
      activesupport (> 5.x)
      builder (~> 3.1)
    activerecord (8.0.2)
      activemodel (= 8.0.2)
      activesupport (= 8.0.2)
      timeout (>= 0.4.0)
    activestorage (8.0.2)
      actionpack (= 8.0.2)
      activejob (= 8.0.2)
      activerecord (= 8.0.2)
      activesupport (= 8.0.2)
      marcel (~> 1.0)
    activesupport (8.0.2)
      base64
      benchmark (>= 0.3)
      bigdecimal
      concurrent-ruby (~> 1.0, >= 1.3.1)
      connection_pool (>= 2.2.5)
      drb
      i18n (>= 1.6, < 2)
      logger (>= 1.4.2)
      minitest (>= 5.1)
      securerandom (>= 0.3)
      tzinfo (~> 2.0, >= 2.0.5)
      uri (>= 0.13.1)
    acts-as-taggable-on (12.0.0)
      activerecord (>= 7.1, < 8.1)
      zeitwerk (>= 2.4, < 3.0)
    acts_as_singleton (0.0.8)
      activerecord (>= 3.1.0)
    addressable (2.8.7)
      public_suffix (>= 2.0.2, < 7.0)
    airbrussh (1.4.1)
      sshkit (>= 1.6.1, != 1.7.0)
    ast (2.4.3)
    autoprefixer-rails (8.6.5)
      execjs
    base64 (0.3.0)
    bcrypt (3.1.20)
    bcrypt_pbkdf (1.1.0)
    benchmark (0.4.1)
    bigdecimal (3.2.2)
    bindex (0.8.1)
    bootsnap (1.16.0)
      msgpack (~> 1.2)
    bootstrap (4.1.3)
      autoprefixer-rails (>= 6.0.3)
      popper_js (>= 1.12.9, < 2)
      sass (>= 3.5.2)
    brakeman (6.1.2)
      racc
    bugsnag (6.26.0)
      concurrent-ruby (~> 1.0)
    builder (3.3.0)
    byebug (11.0.1)
    capistrano (3.17.3)
      airbrussh (>= 1.0.0)
      i18n
      rake (>= 10.0.0)
      sshkit (>= 1.9.0)
    capistrano-bundler (2.1.0)
      capistrano (~> 3.1)
    capistrano-npm (1.0.3)
      capistrano (>= 3.0.0)
    capistrano-rails (1.6.2)
      capistrano (~> 3.1)
      capistrano-bundler (>= 1.1, < 3)
    capistrano-rvm (0.1.2)
      capistrano (~> 3.0)
      sshkit (~> 1.2)
    capistrano-sidekiq (3.2.0)
      capistrano (>= 3.9.0)
      capistrano-bundler
      sidekiq (>= 7.0)
    capybara (3.39.1)
      addressable
      matrix
      mini_mime (>= 0.1.3)
      nokogiri (~> 1.8)
      rack (>= 1.6.0)
      rack-test (>= 0.6.3)
      regexp_parser (>= 1.5, < 3.0)
      xpath (~> 3.2)
    carrierwave (3.1.2)
      activemodel (>= 6.0.0)
      activesupport (>= 6.0.0)
      addressable (~> 2.6)
      image_processing (~> 1.1)
      marcel (~> 1.0.0)
      ssrf_filter (~> 1.0)
    chartkick (5.0.2)
    coderay (1.1.3)
    coffee-rails (4.2.2)
      coffee-script (>= 2.2.0)
      railties (>= 4.0.0)
    coffee-script (2.4.1)
      coffee-script-source
      execjs
    coffee-script-source (1.12.2)
    concurrent-ruby (1.3.5)
    connection_pool (2.5.3)
    crass (1.0.6)
    cronex (0.15.0)
      tzinfo
      unicode (>= 0.4.4.5)
    csv (3.3.5)
    dalli (3.2.8)
    date (3.4.1)
    devise (4.9.4)
      bcrypt (~> 3.0)
      orm_adapter (~> 0.1)
      railties (>= 4.1.0)
      responders
      warden (~> 1.2.3)
    diff-lcs (1.5.0)
    docile (1.4.0)
    domain_name (0.5.20190701)
      unf (>= 0.0.5, < 1.0.0)
    dotenv (2.7.6)
    dotenv-rails (2.7.6)
      dotenv (= 2.7.6)
      railties (>= 3.2)
    draper (4.0.2)
      actionpack (>= 5.0)
      activemodel (>= 5.0)
      activemodel-serializers-xml (>= 1.0)
      activesupport (>= 5.0)
      request_store (>= 1.0)
      ruby2_keywords
    drb (2.2.3)
    ed25519 (1.3.0)
    ejs (1.1.1)
    erb (5.0.1)
    erubi (1.13.1)
    et-orbi (1.2.11)
      tzinfo
    exception_handler (0.8.0.2)
      bundler
      rails (>= 4.2.0)
      responders
    excon (0.99.0)
    execjs (2.7.0)
    executable-hooks (1.6.1)
    factory_bot (5.0.2)
      activesupport (>= 4.2.0)
    factory_bot_rails (5.0.2)
      factory_bot (~> 5.0.2)
      railties (>= 4.2.0)
    faker (3.2.0)
      i18n (>= 1.8.11, < 2)
    faraday (2.7.5)
      faraday-net_http (>= 2.0, < 3.1)
      ruby2_keywords (>= 0.0.4)
    faraday-net_http (3.0.2)
    ffi (1.17.2-aarch64-linux-gnu)
    ffi (1.17.2-arm64-darwin)
    ffi (1.17.2-x86_64-linux-gnu)
    figaro (1.2.0)
      thor (>= 0.14.0, < 2)
    fog-aws (2.0.1)
      fog-core (~> 1.38)
      fog-json (~> 1.0)
      fog-xml (~> 0.1)
      ipaddress (~> 0.8)
    fog-core (1.45.0)
      builder
      excon (~> 0.58)
      formatador (~> 0.2)
    fog-json (1.2.0)
      fog-core
      multi_json (~> 1.10)
    fog-local (0.8.0)
      fog-core (>= 1.27, < 3.0)
    fog-xml (0.1.4)
      fog-core
      nokogiri (>= 1.5.11, < 2.0.0)
    font-awesome-rails (4.7.0.9)
      railties (>= 3.2, < 9.0)
    foreman (0.87.2)
    formatador (0.3.0)
    formdata (0.1.2)
    friendly_id (5.2.5)
      activerecord (>= 4.0.0)
    fugit (1.11.1)
      et-orbi (~> 1, >= 1.2.11)
      raabro (~> 1.4)
    globalid (1.2.1)
      activesupport (>= 6.1)
    hashie (5.0.0)
    highline (2.0.3)
    http-cookie (1.0.5)
      domain_name (~> 0.5)
    i18n (1.14.7)
      concurrent-ruby (~> 1.0)
    image_processing (1.14.0)
      mini_magick (>= 4.9.5, < 6)
      ruby-vips (>= 2.0.17, < 3)
    importmap-rails (1.1.6)
      actionpack (>= 6.0.0)
      railties (>= 6.0.0)
    invisible_captcha (0.12.2)
      rails (>= 3.2.0)
    io-console (0.8.0)
    ipaddress (0.8.3)
    irb (1.15.2)
      pp (>= 0.6.0)
      rdoc (>= 4.0.0)
      reline (>= 0.4.2)
    jbuilder (2.13.0)
      actionview (>= 5.0.0)
      activesupport (>= 5.0.0)
    jquery-rails (4.6.0)
      rails-dom-testing (>= 1, < 3)
      railties (>= 4.2.0)
      thor (>= 0.14, < 2.0)
    json (2.6.3)
    jwt (2.7.0)
    kgio (2.11.4)
    language_server-protocol (3.17.0.5)
    launchy (2.4.3)
      addressable (~> 2.3)
    letter_opener (1.7.0)
      launchy (~> 2.2)
    listen (3.9.0)
      rb-fsevent (~> 0.10, >= 0.10.3)
      rb-inotify (~> 0.9, >= 0.9.10)
    logger (1.7.0)
    loofah (2.24.1)
      crass (~> 1.0.2)
      nokogiri (>= 1.12.0)
    mail (2.8.1)
      mini_mime (>= 0.1.1)
      net-imap
      net-pop
      net-smtp
    marcel (1.0.4)
    matrix (0.4.2)
    method_source (1.1.0)
    mime-types (3.4.1)
      mime-types-data (~> 3.2015)
    mime-types-data (3.2023.0218.1)
    mini_magick (4.13.2)
    mini_mime (1.1.5)
    minitest (5.25.5)
    msgpack (1.7.1)
    multi_json (1.15.0)
    multi_xml (0.6.0)
    net-imap (0.5.9)
      date
      net-protocol
    net-pop (0.1.2)
      net-protocol
    net-protocol (0.2.2)
      timeout
    net-scp (4.0.0)
      net-ssh (>= 2.6.5, < 8.0.0)
    net-smtp (0.5.1)
      net-protocol
    net-ssh (7.1.0)
    netrc (0.11.0)
    newrelic_rpm (9.2.2)
    nio4r (2.7.4)
    nokogiri (1.18.8-aarch64-linux-gnu)
      racc (~> 1.4)
    nokogiri (1.18.8-arm64-darwin)
      racc (~> 1.4)
    nokogiri (1.18.8-x86_64-linux-gnu)
      racc (~> 1.4)
    observer (0.1.2)
    omniauth (2.1.1)
      hashie (>= 3.4.6)
      rack (>= 2.2.3)
      rack-protection
    omniauth-facebook (9.0.0)
      omniauth-oauth2 (~> 1.2)
    omniauth-google-oauth2 (0.8.0)
      jwt (>= 2.0)
      omniauth (>= 1.1.1)
      omniauth-oauth2 (>= 1.6)
    omniauth-oauth2 (1.8.0)
      oauth2 (>= 1.4, < 3)
      omniauth (~> 2.0)
    omniauth-rails_csrf_protection (1.0.1)
      actionpack (>= 4.2)
      omniauth (~> 2.0)
    open-uri (0.5.0)
      stringio
      time
      uri
    orm_adapter (0.5.0)
    ostruct (0.6.2)
    paper_trail (16.0.0)
      activerecord (>= 6.1)
      request_store (~> 1.4)
    parallel (1.27.0)
    parser (3.3.8.0)
      ast (~> 2.4.1)
      racc
    pg (1.5.9)
    pg_search (2.1.7)
      activerecord (>= 4.2)
      activesupport (>= 4.2)
    popper_js (1.16.1)
    pp (0.6.2)
      prettyprint
    prettyprint (0.2.0)
    prism (1.4.0)
    pry (0.15.2)
      coderay (~> 1.1)
      method_source (~> 1.0)
    pry-rails (0.3.11)
      pry (>= 0.13.0)
    psych (5.2.6)
      date
      stringio
    public_suffix (6.0.2)
    puma (6.6.0)
      nio4r (~> 2.0)
    puma-daemon (0.5.0)
      puma (>= 5.0)
      rack
    pundit (2.0.1)
      activesupport (>= 3.0.0)
    pundit-matchers (1.6.0)
      rspec-rails (>= 3.0.0)
    raabro (1.4.0)
    racc (1.8.1)
    rack (2.2.17)
    rack-attack (6.0.0)
      rack (>= 1.0, < 3)
    rack-cors (1.0.6)
      rack (>= 1.6.0)
    rack-protection (3.2.0)
      base64 (>= 0.1.0)
      rack (~> 2.2, >= 2.2.4)
    rack-session (1.0.2)
      rack (< 3)
    rack-test (2.2.0)
      rack (>= 1.3)
    rackup (1.0.1)
      rack (< 3)
      webrick
    rails (8.0.2)
      actioncable (= 8.0.2)
      actionmailbox (= 8.0.2)
      actionmailer (= 8.0.2)
      actionpack (= 8.0.2)
      actiontext (= 8.0.2)
      actionview (= 8.0.2)
      activejob (= 8.0.2)
      activemodel (= 8.0.2)
      activerecord (= 8.0.2)
      activestorage (= 8.0.2)
      activesupport (= 8.0.2)
      bundler (>= 1.15.0)
      railties (= 8.0.2)
    rails-controller-testing (1.0.5)
      actionpack (>= 5.0.1.rc1)
      actionview (>= 5.0.1.rc1)
      activesupport (>= 5.0.1.rc1)
    rails-dom-testing (2.3.0)
      activesupport (>= 5.0.0)
      minitest
      nokogiri (>= 1.6)
    rails-html-sanitizer (1.6.2)
      loofah (~> 2.21)
      nokogiri (>= 1.15.7, != 1.16.7, != 1.16.6, != 1.16.5, != 1.16.4, != 1.16.3, != 1.16.2, != 1.16.1, != 1.16.0.rc1, != 1.16.0)
    rails_12factor (0.0.3)
      rails_serve_static_assets
      rails_stdout_logging
    rails_serve_static_assets (0.0.5)
    rails_stdout_logging (0.0.5)
    railties (8.0.2)
      actionpack (= 8.0.2)
      activesupport (= 8.0.2)
      irb (~> 1.13)
      rackup (>= 1.0.0)
      rake (>= 12.2)
      thor (~> 1.0, >= 1.2.2)
      zeitwerk (~> 2.6)
    rainbow (3.1.1)
    raindrops (0.20.1)
    rake (13.3.0)
    rash_alt (0.4.12)
      hashie (>= 3.4)
    rb-fsevent (0.11.2)
    rb-inotify (0.11.1)
      ffi (~> 1.0)
    rdoc (6.14.1)
      erb
      psych (>= 4.0.0)
    redcarpet (3.6.1)
    redis (5.4.0)
      redis-client (>= 0.22.0)
    redis-client (0.25.0)
      connection_pool
    regexp_parser (2.8.0)
    reline (0.6.1)
      io-console (~> 0.5)
    request_store (1.7.0)
      rack (>= 1.4)
    responders (3.1.1)
      actionpack (>= 5.2)
      railties (>= 5.2)
    rest-client (2.0.2)
      http-cookie (>= 1.0.2, < 2.0)
      mime-types (>= 1.16, < 4.0)
      netrc (~> 0.8)
    rexml (3.2.6)
    rspec-core (3.12.2)
      rspec-support (~> 3.12.0)
    rspec-expectations (3.12.3)
      diff-lcs (>= 1.2.0, < 2.0)
      rspec-support (~> 3.12.0)
    rspec-mocks (3.12.5)
      diff-lcs (>= 1.2.0, < 2.0)
      rspec-support (~> 3.12.0)
    rspec-rails (6.0.2)
      actionpack (>= 6.1)
      activesupport (>= 6.1)
      railties (>= 6.1)
      rspec-core (~> 3.12)
      rspec-expectations (~> 3.12)
      rspec-mocks (~> 3.12)
      rspec-support (~> 3.12)
    rspec-support (3.12.0)
    rubocop (1.69.0)
      json (~> 2.3)
      language_server-protocol (>= 3.17.0)
      parallel (~> 1.10)
      parser (>= 3.3.0.2)
      rainbow (>= 2.2.2, < 4.0)
      regexp_parser (>= 2.4, < 3.0)
      rubocop-ast (>= 1.36.1, < 2.0)
      ruby-progressbar (~> 1.7)
      unicode-display_width (>= 2.4.0, < 4.0)
    rubocop-ast (1.45.1)
      parser (>= 3.3.7.2)
      prism (~> 1.4)
    ruby-progressbar (1.13.0)
    ruby-vips (2.2.4)
      ffi (~> 1.12)
      logger
    ruby2_keywords (0.0.5)
    rubyzip (2.3.2)
    sanitize (6.0.2)
      crass (~> 1.0.2)
      nokogiri (>= 1.12.0)
    sass (3.7.4)
      sass-listen (~> 4.0.0)
    sass-listen (4.0.0)
      rb-fsevent (~> 0.9, >= 0.9.4)
      rb-inotify (~> 0.9, >= 0.9.7)
    sass-rails (5.1.0)
      railties (>= 5.2.0)
      sass (~> 3.1)
      sprockets (>= 2.8, < 4.0)
      sprockets-rails (>= 2.0, < 4.0)
      tilt (>= 1.1, < 3)
    securerandom (0.4.1)
    seed_migration (1.2.3)
    select2-rails (4.0.13)
    selenium-webdriver (4.10.0)
      rexml (~> 3.2, >= 3.2.5)
      rubyzip (>= 1.2.2, < 3.0)
      websocket (~> 1.0)
    shoulda-matchers (3.1.3)
      activesupport (>= 4.0.0)
    sidekiq (7.3.9)
      base64
      connection_pool (>= 2.3.0)
      logger
      rack (>= 2.2.4)
      redis-client (>= 0.22.2)
    sidekiq-cron (2.3.0)
      cronex (>= 0.13.0)
      fugit (~> 1.8, >= 1.11.1)
      globalid (>= 1.0.1)
      sidekiq (>= 6.5.0)
    simplecov (0.16.1)
      docile (~> 1.1)
      json (>= 1.8, < 3)
      simplecov-html (~> 0.10.0)
    simplecov-html (0.10.2)
    sitemap_generator (6.3.0)
      builder (~> 3.0)
    spring (4.1.1)
    spring-commands-rspec (1.0.4)
      spring (>= 0.9.1)
    sprockets (3.7.2)
      concurrent-ruby (~> 1.0)
      rack (> 1, < 3)
    sprockets-rails (3.4.2)
      actionpack (>= 5.2)
      activesupport (>= 5.2)
      sprockets (>= 3.0.0)
    sshkit (1.21.4)
      net-scp (>= 1.1.2)
      net-ssh (>= 2.8.0)
    ssrf_filter (1.3.0)
    stimulus-rails (1.2.1)
      railties (>= 6.0.0)
    stringio (3.1.7)
    summernote-rails (0.8.10.0)
      railties (>= 3.1)
    thor (1.3.2)
    tilt (2.1.0)
    time (0.4.1)
      date
    timeout (0.4.3)
    turbo-rails (1.4.0)
      actionpack (>= 6.0.0)
      activejob (>= 6.0.0)
      railties (>= 6.0.0)
    tzinfo (2.0.6)
      concurrent-ruby (~> 1.0)
    uglifier (4.2.0)
      execjs (>= 0.3.0, < 3)
    unf (0.1.4)
      unf_ext
    unf_ext (0.0.8.2)
    unicode (0.4.4.5)
    unicode-display_width (3.1.4)
      unicode-emoji (~> 4.0, >= 4.0.4)
    unicode-emoji (4.0.4)
    unicorn (6.1.0)
      kgio (~> 2.6)
      raindrops (~> 0.7)
    uri (1.0.3)
    useragent (0.16.11)
    version_gem (1.1.2)
    warden (1.2.9)
      rack (>= 2.0.9)
    web-console (4.2.0)
      actionview (>= 6.0.0)
      activemodel (>= 6.0.0)
      bindex (>= 0.4.0)
      railties (>= 6.0.0)
    webdrivers (5.3.1)
      nokogiri (~> 1.6)
      rubyzip (>= 1.3.0)
      selenium-webdriver (~> 4.0, < 4.11)
    webrick (1.9.1)
    websocket (1.2.10)
    websocket-driver (0.8.0)
      base64
      websocket-extensions (>= 0.1.0)
    websocket-extensions (0.1.5)
    webvtt-ruby (0.3.2)
    will_paginate (3.3.1)
    xpath (3.2.0)
      nokogiri (~> 1.8)
    zeitwerk (2.7.3)

PLATFORMS
  aarch64-linux
  arm64-darwin-21
  arm64-darwin-22
  x86_64-linux

DEPENDENCIES
  abbrev
  acts-as-taggable-on (~> 12.0)
  acts_as_singleton (~> 0.0.8)
  autoprefixer-rails (~> 8.6, >= 8.6.5)
  base64
  bcrypt_pbkdf (~> 1.1)
  bigdecimal
  bootsnap
  bootstrap (~> 4.1.1)
  brakeman
  bugsnag
  byebug (~> 11.0.0)
  capistrano (~> 3.17)
  capistrano-bundler (~> 2.0)
  capistrano-npm
  capistrano-rails (~> 1.6)
  capistrano-rvm
  capistrano-sidekiq
  capistrano3-puma!
  capybara
  carrierwave (~> 3.0)
  chartkick (~> 5.0.1)
  coffee-rails (~> 4.2)
  csv
  dalli (~> 3.0)
  devise (~> 4.9.4)
  dotenv-rails (~> 2.7.1)
  draper (~> 4.0.2)
  ed25519 (~> 1.2)
  ejs (~> 1.1.1)
  exception_handler (~> 0.8.0)
  execjs (~> 2.7.0)
  executable-hooks (~> 1.6.0)
  factory_bot_rails (~> 5.0.2)
  faker
  figaro
  fog-aws
  fog-core
  fog-local
  font-awesome-rails (~> 4.7.0)
  foreman
  formdata (~> 0.1.2)
  friendly_id (~> 5.2.0)
  highline (~> 2.0.1)
  importmap-rails
  invisible_captcha (~> 0.12.0)
  jbuilder (~> 2.13.0)
  jquery-rails (~> 4.6.0)
  jwt
  launchy (~> 2.4.0)
  letter_opener (~> 1.7.0)
  listen (~> 3.5)
  marcel (~> 1.0.2)
  mini_magick (~> 4.8)
  newrelic_rpm
  nokogiri (~> 1.15)
  oauth2!
  observer
  omniauth-facebook (~> 9.0.0)
  omniauth-google-oauth2 (< 1.1.1)
  omniauth-rails_csrf_protection
  open-uri
  ostruct
  paper_trail (~> 16.0)
  pg (= 1.5.9)
  pg_search (~> 2.1.4)
  pry (~> 0.15.0)
  pry-rails
  puma (~> 6.0)
  puma-daemon (~> 0.5)
  pundit (~> 2.0.1)
  pundit-matchers (~> 1.6.0)
  rack-attack (~> 6.0.0)
  rack-cors (~> 1.0.2)
  rails (~> 8.0.2)
  rails-controller-testing (~> 1.0.4)
  rails_12factor (~> 0.0.3)
  redcarpet (~> 3.6.1)
  redis (~> 5.0)
  rest-client (~> 2.0.2)
  rspec-rails (~> 6.0.0)
  rubocop (~> 1.50)
  sanitize (~> 6.0.0)
  sass-rails (~> 5.0)
  seed_migration (~> 1.2.3)
  select2-rails (~> 4.0.13)
  selenium-webdriver
  shoulda-matchers (~> 3.1)
  sidekiq (~> 7.0)
  sidekiq-cron (~> 2.3)
  simplecov (~> 0.16.1)
  sitemap_generator (~> 6.3.0)
  spring
  spring-commands-rspec
  sprockets-rails
  stimulus-rails
  summernote-rails (= 0.8.10)
  time
  turbo-rails
  tzinfo-data
  uglifier (>= 1.3.0)
  unicorn
  uri
  web-console
  webdrivers
  webvtt-ruby (~> 0.3.2)
  will_paginate (~> 3.3.0)

RUBY VERSION
   ruby 3.4.4p34

BUNDLED WITH
   2.4.8
